GEM
  remote: https://rubygems.org/
  specs:
    activesupport (3.2.21)
      i18n (~> 0.6, >= 0.6.4)
      multi_json (~> 1.0)
    addressable (2.2.8)
    builder (3.2.2)
    cfoundry (0.3.61)
      multi_json (~> 1.3.6)
      multipart-post (~> 1.1.0)
      rubyzip (~> 0.9.9)
    ci_reporter (2.0.0)
      builder (>= 2.1.2)
    clockwork (0.7.7)
      activesupport
      tzinfo
    diff-lcs (1.2.5)
    eventmachine (1.0.3)
    ffi (1.9.6)
    i18n (0.6.11)
    interact (0.4.8)
    json (1.8.1)
    json_pure (1.6.8)
    little-plugger (1.1.3)
    logging (1.8.1)
      little-plugger (>= 1.1.3)
      multi_json (>= 1.3.6)
    mime-types (1.25.1)
    multi_json (1.3.7)
    multipart-post (1.1.5)
    net-http-digest_auth (1.4)
    pg (0.17.1)
    rake (10.4.2)
    rb-readline (0.4.2)
    rdoc (4.2.0)
      json (~> 1.4)
    rest-client (1.6.8)
      mime-types (~> 1.16)
      rdoc (>= 2.4.2)
    rspec (3.1.0)
      rspec-core (~> 3.1.0)
      rspec-expectations (~> 3.1.0)
      rspec-mocks (~> 3.1.0)
    rspec-core (3.1.7)
      rspec-support (~> 3.1.0)
    rspec-expectations (3.1.2)
      diff-lcs (>= 1.2.0, < 2.0)
      rspec-support (~> 3.1.0)
    rspec-mocks (3.1.3)
      rspec-support (~> 3.1.0)
    rspec-support (3.1.2)
    rubyzip (0.9.9)
    sys-filesystem (1.1.3)
      ffi
    terminal-table (1.4.5)
    thread_safe (0.3.4)
    tzinfo (1.2.2)
      thread_safe (~> 0.1)
    uuidtools (2.1.5)
    vcap_logging (0.1.4)
      rake
    vmc (0.3.23)
      addressable (~> 2.2.6)
      cfoundry (~> 0.3.48)
      interact (~> 0.4.0)
      json_pure (>= 1.5.1, < 1.7.0)
      rb-readline (~> 0.4.2)
      rest-client (>= 1.6.1, < 1.7.0)
      rubyzip (~> 0.9.4)
      terminal-table (~> 1.4.2)
      uuidtools (~> 2.1.0)
    vmc_knife (0.0.68)
      rest-client (>= 1.6.1, < 1.7.0)
      vmc (~> 0.3.18)
    wrest (1.5.0)
      activesupport (~> 3)
      builder (> 2.0)
      multi_json (~> 1.0)

PLATFORMS
  ruby

DEPENDENCIES
  ci_reporter
  clockwork (~> 0.7.7)
  eventmachine (~> 1.0.3)
  logging
  net-http-digest_auth (~> 1.4)
  pg (~> 0.17.1)
  rake
  rspec
  sys-filesystem (~> 1.1.2)
  vcap_logging
  vmc_knife (~> 0.0.68)
  wrest (~> 1.5.0)
