GEM
  remote: https://rubygems.org/
  specs:
    addressable (2.2.8)
    builder (3.2.2)
    cfoundry (0.3.61)
      multi_json (~> 1.3.6)
      multipart-post (~> 1.1.0)
      rubyzip (~> 0.9.9)
    ci_reporter (2.0.0)
      builder (>= 2.1.2)
    diff-lcs (1.2.5)
    eventmachine (1.0.3)
    interact (0.4.8)
    json (1.8.1)
    json_pure (1.8.1)
    little-plugger (1.1.3)
    logging (1.8.1)
      little-plugger (>= 1.1.3)
      multi_json (>= 1.3.6)
    mime-types (1.25.1)
    multi_json (1.3.7)
    multipart-post (1.1.5)
    rake (10.3.2)
    rb-readline (0.4.2)
    rdoc (4.1.1)
      json (~> 1.4)
    rest-client (1.6.8)
      mime-types (~> 1.16)
      rdoc (>= 2.4.2)
    rspec (3.0.0)
      rspec-core (~> 3.0.0)
      rspec-expectations (~> 3.0.0)
      rspec-mocks (~> 3.0.0)
    rspec-core (3.0.3)
      rspec-support (~> 3.0.0)
    rspec-expectations (3.0.3)
      diff-lcs (>= 1.2.0, < 2.0)
      rspec-support (~> 3.0.0)
    rspec-mocks (3.0.3)
      rspec-support (~> 3.0.0)
    rspec-support (3.0.3)
    rubyzip (0.9.9)
    terminal-table (1.4.5)
    uuidtools (2.1.4)
    vcap_logging (0.1.4)
      rake
    vmc (0.3.23)
      addressable (~> 2.2.6)
      cfoundry (~> 0.3.48)
      interact (~> 0.4.0)
      json_pure (= 1.8.1)
      rb-readline (~> 0.4.2)
      rest-client (>= 1.6.1, < 1.7.0)
      rubyzip (~> 0.9.4)
      terminal-table (~> 1.4.2)
      uuidtools (~> 2.1.0)
    vmc_knife (0.0.68)
      rest-client (>= 1.6.1, < 1.7.0)
      vmc (~> 0.3.18)

PLATFORMS
  ruby

DEPENDENCIES
  ci_reporter
  eventmachine (~> 1.0.3)
  logging
  rake
  rspec
  vcap_logging
  vmc_knife (~> 0.0.68)
