PATH
  remote: ../common
  specs:
    vcap_common (1.0.3)
      eventmachine (~> 0.12.11.cloudfoundry.3)
      logging (>= 1.5.0)
      nats (~> 0.4.26)
      posix-spawn (~> 0.3.6)
      thin (~> 1.4.1)
      yajl-ruby (~> 0.8.3)

GEM
  remote: http://rubygems.org/
  specs:
    addressable (2.3.6)
    builder (3.2.2)
    ci_reporter (1.7.3)
      builder (>= 2.1.2)
    daemons (1.1.9)
    diff-lcs (1.2.5)
    docile (1.1.3)
    em-http-request (1.0.0.beta.3)
      addressable (>= 2.2.3)
      em-socksify
      eventmachine
      http_parser.rb (>= 0.5.1)
    em-socksify (0.1.0)
      eventmachine
    eventmachine (0.12.11.cloudfoundry.3)
    http_parser.rb (0.6.0)
    json_pure (1.8.1)
    little-plugger (1.1.3)
    logging (1.8.2)
      little-plugger (>= 1.1.3)
      multi_json (>= 1.8.4)
    multi_json (1.10.0)
    nats (0.4.26)
      daemons (>= 1.1.5)
      eventmachine (>= 0.12.10)
      json_pure (>= 1.7.3)
      thin (>= 1.4.1)
    posix-spawn (0.3.8)
    rack (1.5.2)
    rake (10.3.1)
    rspec (2.14.1)
      rspec-core (~> 2.14.0)
      rspec-expectations (~> 2.14.0)
      rspec-mocks (~> 2.14.0)
    rspec-core (2.14.8)
    rspec-expectations (2.14.5)
      diff-lcs (>= 1.1.3, < 2.0)
    rspec-mocks (2.14.6)
    simplecov (0.8.2)
      docile (~> 1.1.0)
      multi_json
      simplecov-html (~> 0.8.0)
    simplecov-html (0.8.0)
    thin (1.4.1)
      daemons (>= 1.0.9)
      eventmachine (>= 0.12.6)
      rack (>= 1.0.0)
    vcap_logging (0.1.4)
      rake
    yajl-ruby (0.8.3)

PLATFORMS
  ruby

DEPENDENCIES
  bundler (>= 1.0.10)
  ci_reporter (~> 1.7.3)
  em-http-request (~> 1.0.0.beta.3)
  eventmachine (= 0.12.11.cloudfoundry.3)
  logging (>= 1.5.0)
  nats (~> 0.4.26)
  rack
  rspec
  simplecov (~> 0.8.2)
  thin
  vcap_common!
  vcap_logging
  yajl-ruby
