PATH
  remote: .
  specs:
    vcap_dns_publisher (0.0.01)
      nats (= 0.4.24)

GEM
  remote: http://rubygems.org/
  specs:
    daemons (1.1.9)
    eventmachine (0.12.11.cloudfoundry.3)
    json_pure (1.7.4)
    little-plugger (1.1.3)
    logging (1.7.2)
      little-plugger (>= 1.1.3)
    nats (0.4.24)
      daemons (>= 1.1.5)
      eventmachine (>= 0.12.10)
      json_pure (>= 1.7.3)
      thin (>= 1.3.1)
    posix-spawn (0.3.6)
    rack (1.4.1)
    rake (0.9.2.2)
    thin (1.3.1)
      daemons (>= 1.0.9)
      eventmachine (>= 0.12.6)
      rack (>= 1.0.0)
    vcap_common (1.0.3)
      eventmachine (~> 0.12.11.cloudfoundry.3)
      logging (>= 1.5.0)
      nats (~> 0.4.22.beta.4)
      posix-spawn (~> 0.3.6)
      thin (~> 1.3.1)
      yajl-ruby (~> 0.8.3)
    vcap_logging (0.1.4)
      rake
    yajl-ruby (0.8.3)

PLATFORMS
  ruby

DEPENDENCIES
  eventmachine (= 0.12.11.cloudfoundry.3)
  nats (= 0.4.24)
  vcap_common (= 1.0.3)
  vcap_dns_publisher!
  vcap_logging
